GIT
  remote: https://github.com/Instagram/instagram-ruby-gem.git
  revision: fc28079a3bd8f67a1393e5c3a0218d86e565cea3
  specs:
    instagram (0.10.0)
      faraday (>= 0.7, < 0.9)
      faraday_middleware (~> 0.8)
      hashie (>= 0.4.0)
      multi_json (~> 1.0, >= 1.0.3)

GEM
  remote: https://rubygems.org/
  specs:
    addressable (2.3.5)
    atomic (1.1.14)
    backports (3.4.0)
    buftok (0.2.0)
    coderay (1.1.0)
    coffee-script (2.2.0)
      coffee-script-source
      execjs
    coffee-script-source (1.6.3)
    daemons (1.1.9)
    dashing (1.3.2)
      coffee-script (>= 1.6.2)
      execjs (>= 2.0.0)
      rack
      rufus-scheduler (~> 2.0)
      sass
      sinatra
      sinatra-contrib
      sprockets
      thin
      thor
    descendants_tracker (0.0.3)
    equalizer (0.0.9)
    eventmachine (1.0.3)
    execjs (2.0.2)
    faraday (0.8.8)
      multipart-post (~> 1.2.0)
    faraday_middleware (0.9.0)
      faraday (>= 0.7.4, < 0.9)
    hashie (2.0.5)
    hike (1.2.3)
    htmlentities (4.3.1)
    http (0.5.0)
      http_parser.rb
    http_parser.rb (0.6.0)
    icalendar (1.5.0)
    json (1.8.1)
    memoizable (0.4.0)
      thread_safe (~> 0.1.3)
    method_source (0.8.2)
    mini_portile (0.5.2)
    multi_json (1.8.2)
    multipart-post (1.2.0)
    nokogiri (1.6.1)
      mini_portile (~> 0.5.0)
    pry (0.9.12.4)
      coderay (~> 1.0)
      method_source (~> 0.8)
      slop (~> 3.4)
    rack (1.5.2)
    rack-protection (1.5.1)
      rack
    rack-test (0.6.2)
      rack (>= 1.0)
    rufus-scheduler (2.0.24)
      tzinfo (>= 0.3.22)
    sass (3.2.13)
    simple_oauth (0.2.0)
    sinatra (1.4.4)
      rack (~> 1.4)
      rack-protection (~> 1.4)
      tilt (~> 1.3, >= 1.3.4)
    sinatra-contrib (1.4.2)
      backports (>= 2.0)
      multi_json
      rack-protection
      rack-test
      sinatra (~> 1.4.0)
      tilt (~> 1.3)
    slop (3.4.7)
    sprockets (2.10.1)
      hike (~> 1.2)
      multi_json (~> 1.0)
      rack (~> 1.0)
      tilt (~> 1.1, != 1.3.0)
    thin (1.6.1)
      daemons (>= 1.0.9)
      eventmachine (>= 1.0.0)
      rack (>= 1.0.0)
    thor (0.18.1)
    thread_safe (0.1.3)
      atomic
    tilt (1.4.1)
    twitter (5.4.1)
      addressable (~> 2.3)
      buftok (~> 0.2.0)
      descendants_tracker (~> 0.0.3)
      equalizer (~> 0.0.9)
      faraday (>= 0.8, < 0.10)
      http (~> 0.5.0)
      http_parser.rb (~> 0.6.0)
      json (~> 1.8)
      memoizable (~> 0.4.0)
      simple_oauth (~> 0.2.0)
    tzinfo (1.1.0)
      thread_safe (~> 0.1)
    xml-simple (1.1.3)

PLATFORMS
  ruby

DEPENDENCIES
  dashing
  htmlentities
  icalendar
  instagram!
  nokogiri
  pry
  twitter (>= 5.0.0)
  xml-simple
